GEM
  remote: https://rubygems.org/
  specs:
    actioncable (7.1.5.1)
      actionpack (= 7.1.5.1)
      activesupport (= 7.1.5.1)
      nio4r (~> 2.0)
      websocket-driver (>= 0.6.1)
      zeitwerk (~> 2.6)
    actionmailbox (7.1.5.1)
      actionpack (= 7.1.5.1)
      activejob (= 7.1.5.1)
      activerecord (= 7.1.5.1)
      activestorage (= 7.1.5.1)
      activesupport (= 7.1.5.1)
      mail (>= 2.7.1)
      net-imap
      net-pop
      net-smtp
    actionmailer (7.1.5.1)
      actionpack (= 7.1.5.1)
      actionview (= 7.1.5.1)
      activejob (= 7.1.5.1)
      activesupport (= 7.1.5.1)
      mail (~> 2.5, >= 2.5.4)
      net-imap
      net-pop
      net-smtp
      rails-dom-testing (~> 2.2)
    actionpack (7.1.5.1)
      actionview (= 7.1.5.1)
      activesupport (= 7.1.5.1)
      nokogiri (>= 1.8.5)
      racc
      rack (>= 2.2.4)
      rack-session (>= 1.0.1)
      rack-test (>= 0.6.3)
      rails-dom-testing (~> 2.2)
      rails-html-sanitizer (~> 1.6)
    actiontext (7.1.5.1)
      actionpack (= 7.1.5.1)
      activerecord (= 7.1.5.1)
      activestorage (= 7.1.5.1)
      activesupport (= 7.1.5.1)
      globalid (>= 0.6.0)
      nokogiri (>= 1.8.5)
    actionview (7.1.5.1)
      activesupport (= 7.1.5.1)
      builder (~> 3.1)
      erubi (~> 1.11)
      rails-dom-testing (~> 2.2)
      rails-html-sanitizer (~> 1.6)
    active_interaction (5.4.0)
      activemodel (>= 5.2, < 9)
      activesupport (>= 5.2, < 9)
    active_link_to (1.0.5)
      actionpack
      addressable
    activejob (7.1.5.1)
      activesupport (= 7.1.5.1)
      globalid (>= 0.3.6)
    activemodel (7.1.5.1)
      activesupport (= 7.1.5.1)
    activerecord (7.1.5.1)
      activemodel (= 7.1.5.1)
      activesupport (= 7.1.5.1)
      timeout (>= 0.4.0)
    activestorage (7.1.5.1)
      actionpack (= 7.1.5.1)
      activejob (= 7.1.5.1)
      activerecord (= 7.1.5.1)
      activesupport (= 7.1.5.1)
      marcel (~> 1.0)
    activesupport (7.1.5.1)
      base64
      benchmark (>= 0.3)
      bigdecimal
      concurrent-ruby (~> 1.0, >= 1.0.2)
      connection_pool (>= 2.2.5)
      drb
      i18n (>= 1.6, < 2)
      logger (>= 1.4.2)
      minitest (>= 5.1)
      mutex_m
      securerandom (>= 0.3)
      tzinfo (~> 2.0)
    acts_as_list (1.2.4)
      activerecord (>= 6.1)
      activesupport (>= 6.1)
    acts_as_votable (0.14.0)
    addressable (2.8.7)
      public_suffix (>= 2.0.2, < 7.0)
    ast (2.4.2)
    avo (3.16.5)
      actionview (>= 6.1)
      active_link_to
      activerecord (>= 6.1)
      activesupport (>= 6.1)
      addressable
      docile
      inline_svg
      meta-tags
      pagy (>= 7.0.0)
      prop_initializer (>= 0.2.0)
      turbo-rails (>= 2.0.0)
      turbo_power (>= 0.6.0)
      universalid
      view_component (>= 3.7.0)
      zeitwerk (>= 2.6.12)
    aws-eventstream (1.3.0)
    aws-partitions (1.1044.0)
    aws-sdk-core (3.217.1)
      aws-eventstream (~> 1, >= 1.3.0)
      aws-partitions (~> 1, >= 1.992.0)
      aws-sigv4 (~> 1.9)
      jmespath (~> 1, >= 1.6.1)
    aws-sdk-kms (1.97.0)
      aws-sdk-core (~> 3, >= 3.216.0)
      aws-sigv4 (~> 1.5)
    aws-sdk-s3 (1.179.0)
      aws-sdk-core (~> 3, >= 3.216.0)
      aws-sdk-kms (~> 1)
      aws-sigv4 (~> 1.5)
    aws-sigv4 (1.11.0)
      aws-eventstream (~> 1, >= 1.0.2)
    base64 (0.2.0)
    bcrypt (3.1.20)
    benchmark (0.4.0)
    bigdecimal (3.1.9)
    bindex (0.8.1)
    bootsnap (1.18.4)
      msgpack (~> 1.2)
    brotli (0.6.0)
    builder (3.3.0)
    byebug (11.1.3)
    carrierwave (2.2.6)
      activemodel (>= 5.0.0)
      activesupport (>= 5.0.0)
      addressable (~> 2.6)
      image_processing (~> 1.1)
      marcel (~> 1.0.0)
      mini_mime (>= 0.1.3)
      ssrf_filter (~> 1.0)
    carrierwave-aws (1.6.0)
      aws-sdk-s3 (~> 1.0)
      carrierwave (>= 2.0, < 4)
    childprocess (5.1.0)
      logger (~> 1.5)
    concurrent-ruby (1.3.5)
    config (5.5.2)
      deep_merge (~> 1.2, >= 1.2.1)
      ostruct
    connection_pool (2.5.0)
    crack (1.0.0)
      bigdecimal
      rexml
    crass (1.0.6)
    cssbundling-rails (1.4.1)
      railties (>= 6.0.0)
    date (3.4.1)
    deep_merge (1.2.2)
    devise (4.9.4)
      bcrypt (~> 3.0)
      orm_adapter (~> 0.1)
      railties (>= 4.1.0)
      responders
      warden (~> 1.2.3)
    devise_token_auth (1.2.5)
      bcrypt (~> 3.0)
      devise (> 3.5.2, < 5)
      rails (>= 4.2.0, < 8.1)
    diff-lcs (1.5.1)
    docile (1.4.1)
    drb (2.2.1)
    erubi (1.13.1)
    factory_bot (6.5.0)
      activesupport (>= 5.0.0)
    factory_bot_rails (6.4.4)
      factory_bot (~> 6.5)
      railties (>= 5.0.0)
    faker (3.5.1)
      i18n (>= 1.8.11, < 2)
    ffi (1.17.1-aarch64-linux-gnu)
    ffi (1.17.1-aarch64-linux-musl)
    ffi (1.17.1-arm-linux-gnu)
    ffi (1.17.1-arm-linux-musl)
    ffi (1.17.1-arm64-darwin)
    ffi (1.17.1-x86_64-darwin)
    ffi (1.17.1-x86_64-linux-gnu)
    ffi (1.17.1-x86_64-linux-musl)
    globalid (1.2.1)
      activesupport (>= 6.1)
    hashdiff (1.1.2)
    htmlentities (4.3.4)
    i18n (1.14.7)
      concurrent-ruby (~> 1.0)
    image_processing (1.13.0)
      mini_magick (>= 4.9.5, < 5)
      ruby-vips (>= 2.0.17, < 3)
    importmap-rails (2.1.0)
      actionpack (>= 6.0.0)
      activesupport (>= 6.0.0)
      railties (>= 6.0.0)
    inline_svg (1.10.0)
      activesupport (>= 3.0)
      nokogiri (>= 1.6)
    io-console (0.8.0)
    irb (1.15.1)
      pp (>= 0.6.0)
      rdoc (>= 4.0.0)
      reline (>= 0.4.2)
    jbuilder (2.13.0)
      actionview (>= 5.0.0)
      activesupport (>= 5.0.0)
    jmespath (1.6.2)
    jsbundling-rails (1.3.1)
      railties (>= 6.0.0)
    json (2.9.1)
    json-schema (5.1.1)
      addressable (~> 2.8)
      bigdecimal (~> 3.1)
    jwt (2.10.1)
      base64
    language_server-protocol (3.17.0.4)
    launchy (3.1.0)
      addressable (~> 2.8)
      childprocess (~> 5.0)
      logger (~> 1.6)
    letter_opener (1.10.0)
      launchy (>= 2.2, < 4)
    letter_opener_web (3.0.0)
      actionmailer (>= 6.1)
      letter_opener (~> 1.9)
      railties (>= 6.1)
      rexml
    listen (3.9.0)
      rb-fsevent (~> 0.10, >= 0.10.3)
      rb-inotify (~> 0.9, >= 0.9.10)
    logger (1.6.5)
    loofah (2.24.0)
      crass (~> 1.0.2)
      nokogiri (>= 1.12.0)
    mail (2.8.1)
      mini_mime (>= 0.1.1)
      net-imap
      net-pop
      net-smtp
    marcel (1.0.4)
    meta-tags (2.22.1)
      actionpack (>= 6.0.0, < 8.1)
    method_source (1.1.0)
    mini_magick (4.13.2)
    mini_mime (1.1.5)
    minitest (5.25.4)
    msgpack (1.7.5)
    mutex_m (0.3.0)
    net-imap (0.5.5)
      date
      net-protocol
    net-pop (0.1.2)
      net-protocol
    net-protocol (0.2.2)
      timeout
    net-smtp (0.5.0)
      net-protocol
    nio4r (2.7.4)
    nokogiri (1.18.2-aarch64-linux-gnu)
      racc (~> 1.4)
    nokogiri (1.18.2-aarch64-linux-musl)
      racc (~> 1.4)
    nokogiri (1.18.2-arm-linux-gnu)
      racc (~> 1.4)
    nokogiri (1.18.2-arm-linux-musl)
      racc (~> 1.4)
    nokogiri (1.18.2-arm64-darwin)
      racc (~> 1.4)
    nokogiri (1.18.2-x86_64-darwin)
      racc (~> 1.4)
    nokogiri (1.18.2-x86_64-linux-gnu)
      racc (~> 1.4)
    nokogiri (1.18.2-x86_64-linux-musl)
      racc (~> 1.4)
    orm_adapter (0.5.0)
    ostruct (0.6.1)
    pagy (9.3.3)
    paper_trail (16.0.0)
      activerecord (>= 6.1)
      request_store (~> 1.4)
    parallel (1.26.3)
    parser (3.3.7.0)
      ast (~> 2.4.1)
      racc
    pg (1.5.9)
    pp (0.6.2)
      prettyprint
    prettyprint (0.2.0)
    prop_initializer (0.2.0)
      zeitwerk (>= 2.6.18)
    psych (5.2.3)
      date
      stringio
    public_suffix (6.0.1)
    puma (6.6.0)
      nio4r (~> 2.0)
    racc (1.8.1)
    rack (3.1.9)
    rack-cors (2.0.2)
      rack (>= 2.0.0)
    rack-session (2.1.0)
      base64 (>= 0.1.0)
      rack (>= 3.0.0)
    rack-test (2.2.0)
      rack (>= 1.3)
    rackup (2.2.1)
      rack (>= 3)
    rails (7.1.5.1)
      actioncable (= 7.1.5.1)
      actionmailbox (= 7.1.5.1)
      actionmailer (= 7.1.5.1)
      actionpack (= 7.1.5.1)
      actiontext (= 7.1.5.1)
      actionview (= 7.1.5.1)
      activejob (= 7.1.5.1)
      activemodel (= 7.1.5.1)
      activerecord (= 7.1.5.1)
      activestorage (= 7.1.5.1)
      activesupport (= 7.1.5.1)
      bundler (>= 1.15.0)
      railties (= 7.1.5.1)
    rails-controller-testing (1.0.5)
      actionpack (>= 5.0.1.rc1)
      actionview (>= 5.0.1.rc1)
      activesupport (>= 5.0.1.rc1)
    rails-dom-testing (2.2.0)
      activesupport (>= 5.0.0)
      minitest
      nokogiri (>= 1.6)
    rails-html-sanitizer (1.6.2)
      loofah (~> 2.21)
      nokogiri (>= 1.15.7, != 1.16.7, != 1.16.6, != 1.16.5, != 1.16.4, != 1.16.3, != 1.16.2, != 1.16.1, != 1.16.0.rc1, != 1.16.0)
    railties (7.1.5.1)
      actionpack (= 7.1.5.1)
      activesupport (= 7.1.5.1)
      irb
      rackup (>= 1.0.0)
      rake (>= 12.2)
      thor (~> 1.0, >= 1.2.2)
      zeitwerk (~> 2.6)
    rainbow (3.1.1)
    rake (13.2.1)
    rb-fsevent (0.11.2)
    rb-inotify (0.11.1)
      ffi (~> 1.0)
    rdoc (6.11.0)
      psych (>= 4.0.0)
    redis (5.3.0)
      redis-client (>= 0.22.0)
    redis-client (0.23.2)
      connection_pool
    regexp_parser (2.10.0)
    reline (0.6.0)
      io-console (~> 0.5)
    request_store (1.7.0)
      rack (>= 1.4)
    responders (3.1.1)
      actionpack (>= 5.2)
      railties (>= 5.2)
    rexml (3.4.0)
    rspec (3.13.0)
      rspec-core (~> 3.13.0)
      rspec-expectations (~> 3.13.0)
      rspec-mocks (~> 3.13.0)
    rspec-core (3.13.2)
      rspec-support (~> 3.13.0)
    rspec-expectations (3.13.3)
      diff-lcs (>= 1.2.0, < 2.0)
      rspec-support (~> 3.13.0)
    rspec-mocks (3.13.2)
      diff-lcs (>= 1.2.0, < 2.0)
      rspec-support (~> 3.13.0)
    rspec-rails (6.1.5)
      actionpack (>= 6.1)
      activesupport (>= 6.1)
      railties (>= 6.1)
      rspec-core (~> 3.13)
      rspec-expectations (~> 3.13)
      rspec-mocks (~> 3.13)
      rspec-support (~> 3.13)
    rspec-sonarqube-formatter (1.6.3)
      htmlentities (~> 4.3)
      rspec (~> 3.0)
    rspec-support (3.13.2)
    rswag-api (2.16.0)
      activesupport (>= 5.2, < 8.1)
      railties (>= 5.2, < 8.1)
    rswag-specs (2.16.0)
      activesupport (>= 5.2, < 8.1)
      json-schema (>= 2.2, < 6.0)
      railties (>= 5.2, < 8.1)
      rspec-core (>= 2.14)
    rswag-ui (2.16.0)
      actionpack (>= 5.2, < 8.1)
      railties (>= 5.2, < 8.1)
    rubocop (1.71.1)
      json (~> 2.3)
      language_server-protocol (>= 3.17.0)
      parallel (~> 1.10)
      parser (>= 3.3.0.2)
      rainbow (>= 2.2.2, < 4.0)
      regexp_parser (>= 2.9.3, < 3.0)
      rubocop-ast (>= 1.38.0, < 2.0)
      ruby-progressbar (~> 1.7)
      unicode-display_width (>= 2.4.0, < 4.0)
    rubocop-ast (1.38.0)
      parser (>= 3.3.1.0)
    rubocop-performance (1.23.1)
      rubocop (>= 1.48.1, < 2.0)
      rubocop-ast (>= 1.31.1, < 2.0)
    rubocop-rails (2.29.1)
      activesupport (>= 4.2.0)
      rack (>= 1.1)
      rubocop (>= 1.52.0, < 2.0)
      rubocop-ast (>= 1.31.1, < 2.0)
    ruby-progressbar (1.13.0)
    ruby-vips (2.2.2)
      ffi (~> 1.12)
      logger
    sassc (2.1.0)
      ffi (~> 1.9)
    sassc (2.1.0-x86_64-linux)
      ffi (~> 1.9)
    securerandom (0.4.1)
    sentry-rails (5.22.3)
      railties (>= 5.0)
      sentry-ruby (~> 5.22.3)
    sentry-ruby (5.22.3)
      bigdecimal
      concurrent-ruby (~> 1.0, >= 1.0.2)
    shoulda-matchers (6.4.0)
      activesupport (>= 5.2.0)
    sidekiq (7.3.8)
      base64
      connection_pool (>= 2.3.0)
      logger
      rack (>= 2.2.4)
      redis-client (>= 0.22.2)
    simplecov (0.22.0)
      docile (~> 1.1)
      simplecov-html (~> 0.11)
      simplecov_json_formatter (~> 0.1)
    simplecov-html (0.13.1)
    simplecov_json_formatter (0.1.4)
    spring (4.2.1)
    spring-watcher-listen (2.1.0)
      listen (>= 2.7, < 4.0)
      spring (>= 4)
    sprockets (4.2.1)
      concurrent-ruby (~> 1.0)
      rack (>= 2.2.4, < 4)
    sprockets-rails (3.5.2)
      actionpack (>= 6.1)
      activesupport (>= 6.1)
      sprockets (>= 3.0.0)
    ssrf_filter (1.2.0)
    stringio (3.1.2)
    swagger-blocks (3.0.0)
    tailwindcss-rails (4.0.0)
      railties (>= 7.0.0)
      tailwindcss-ruby (~> 4.0)
    tailwindcss-ruby (4.0.3)
    tailwindcss-ruby (4.0.3-aarch64-linux-gnu)
    tailwindcss-ruby (4.0.3-aarch64-linux-musl)
    tailwindcss-ruby (4.0.3-arm64-darwin)
    tailwindcss-ruby (4.0.3-x86_64-darwin)
    tailwindcss-ruby (4.0.3-x86_64-linux-gnu)
    tailwindcss-ruby (4.0.3-x86_64-linux-musl)
    thor (1.3.2)
    timecop (0.9.10)
    timeout (0.4.3)
    turbo-rails (2.0.11)
      actionpack (>= 6.0.0)
      railties (>= 6.0.0)
    turbo_power (0.7.0)
      turbo-rails (>= 1.3.0)
    turbolinks (5.2.1)
      turbolinks-source (~> 5.2)
    turbolinks-source (5.2.0)
    tzinfo (2.0.6)
      concurrent-ruby (~> 1.0)
    tzinfo-data (1.2025.1)
      tzinfo (>= 1.0.0)
    unicode-display_width (3.1.4)
      unicode-emoji (~> 4.0, >= 4.0.4)
    unicode-emoji (4.0.4)
    universalid (0.1.7)
      activesupport (>= 6.1)
      brotli (>= 0.4)
      config (>= 5.0)
      msgpack (>= 1.7)
      zeitwerk (>= 2.6)
    view_component (3.21.0)
      activesupport (>= 5.2.0, < 8.1)
      concurrent-ruby (~> 1.0)
      method_source (~> 1.0)
    warden (1.2.9)
      rack (>= 2.0.9)
    web-console (4.2.1)
      actionview (>= 6.0.0)
      activemodel (>= 6.0.0)
      bindex (>= 0.4.0)
      railties (>= 6.0.0)
    webmock (3.24.0)
      addressable (>= 2.8.0)
      crack (>= 0.3.2)
      hashdiff (>= 0.4.0, < 2.0.0)
    websocket-driver (0.7.7)
      base64
      websocket-extensions (>= 0.1.0)
    websocket-extensions (0.1.5)
    zeitwerk (2.7.1)

PLATFORMS
  aarch64-linux-gnu
  aarch64-linux-musl
  arm-linux-gnu
  arm-linux-musl
  arm64-darwin
  x86_64-darwin
  x86_64-linux-gnu
  x86_64-linux-musl

DEPENDENCIES
  active_interaction (~> 5.3)
  acts_as_list (~> 1.1)
  acts_as_votable
  avo (>= 3.2)
  bootsnap (~> 1.18)
  byebug
  carrierwave (~> 2.0)
  carrierwave-aws (~> 1.3)
  cssbundling-rails
  devise (~> 4.9)
  devise_token_auth
  factory_bot_rails
  faker
  importmap-rails (~> 2.1)
  jbuilder (~> 2.13)
  jsbundling-rails
  jwt
  letter_opener_web
  listen (~> 3.9)
  mini_magick (~> 4.11)
  paper_trail
  pg (~> 1.5, >= 1.5.6)
  puma (~> 6.4, >= 6.4.2)
  rack-cors
  rails (~> 7.0)
  rails-controller-testing
  redis (~> 5.1)
  rspec-rails (~> 6.1, >= 6.1.1)
  rspec-sonarqube-formatter (~> 1.5)
  rswag-api
  rswag-specs
  rswag-ui
  rubocop-performance
  rubocop-rails
  sassc (= 2.1.0)
  sentry-rails
  sentry-ruby
  shoulda-matchers (~> 6.1)
  sidekiq
  simplecov
  spring
  spring-watcher-listen (~> 2.1)
  sprockets-rails
  swagger-blocks
  tailwindcss-rails
  timecop (~> 0.9.8)
  turbolinks (~> 5.2, >= 5.2.1)
  tzinfo-data
  web-console (~> 4.2, >= 4.2.1)
  webmock

RUBY VERSION
   ruby 3.2.3p157

BUNDLED WITH
   2.6.3
